GIT
  remote: https://github.com/icalendar/icalendar.git
  revision: ebe950c939d05898adda418c6449005542ba5556
  specs:
    icalendar (2.6.1)
      ice_cube (~> 0.16)

GEM
  remote: https://rubygems.org/
  specs:
    bigdecimal (2.0.0)
    ethon (0.12.0)
      ffi (>= 1.3.0)
    faraday (0.17.3)
      multipart-post (>= 1.2, < 3)
    faraday_middleware (0.14.0)
      faraday (>= 0.7.4, < 1.0)
    faraday_middleware-parse_oj (0.3.2)
      faraday (~> 0.9)
      faraday_middleware (>= 0.9.1, < 1.0)
      oj (>= 2.0, < 4.0)
    ffi (1.13.1)
    ice_cube (0.16.3)
    multipart-post (2.1.1)
    mustermann (1.1.1)
      ruby2_keywords (~> 0.0.1)
    nio4r (2.5.7)
    oj (3.10.12)
      bigdecimal (>= 1.0, < 3)
    puma (4.3.8)
      nio4r (~> 2.0)
    rack (2.2.3)
    rack-protection (2.0.8.1)
      rack
    ruby2_keywords (0.0.2)
    shotgun (0.9.2)
      rack (>= 1.0)
    sinatra (2.0.8.1)
      mustermann (~> 1.0)
      rack (~> 2.0)
      rack-protection (= 2.0.8.1)
      tilt (~> 2.0)
    tilt (2.0.10)
    typhoeus (1.4.0)
      ethon (>= 0.9.0)

PLATFORMS
  ruby

DEPENDENCIES
  faraday
  faraday_middleware-parse_oj
  icalendar!
  puma
  shotgun
  sinatra
  typhoeus

BUNDLED WITH
   2.1.4
