GIT
  remote: https://github.com/icalendar/icalendar.git
  revision: 5214946568655f3355a8b61179277becf2d52334
  specs:
    icalendar (2.5.3)
      ice_cube (~> 0.16)

GEM
  remote: https://rubygems.org/
  specs:
    ethon (0.12.0)
      ffi (>= 1.3.0)
    faraday (0.15.4)
      multipart-post (>= 1.2, < 3)
    faraday_middleware (0.13.1)
      faraday (>= 0.7.4, < 1.0)
    faraday_middleware-parse_oj (0.3.2)
      faraday (~> 0.9)
      faraday_middleware (>= 0.9.1, < 1.0)
      oj (>= 2.0, < 4.0)
    ffi (1.11.1)
    ice_cube (0.16.3)
    multipart-post (2.1.1)
    mustermann (1.0.3)
    nio4r (2.3.1)
    oj (3.7.12)
    puma (4.0.0)
      nio4r (~> 2.0)
    rack (2.0.8)
    rack-protection (2.0.5)
      rack
    shotgun (0.9.2)
      rack (>= 1.0)
    sinatra (2.0.5)
      mustermann (~> 1.0)
      rack (~> 2.0)
      rack-protection (= 2.0.5)
      tilt (~> 2.0)
    tilt (2.0.9)
    typhoeus (1.3.1)
      ethon (>= 0.9.0)

PLATFORMS
  ruby

DEPENDENCIES
  faraday
  faraday_middleware-parse_oj
  icalendar!
  puma
  shotgun
  sinatra
  typhoeus

BUNDLED WITH
   2.0.1
